PATH
  remote: .
  specs:
    elibri_thema (0.1.5)
      nokogiri

GEM
  remote: https://rubygems.org/
  specs:
    mini_portile2 (2.8.0)
    minitest (5.11.3)
    nokogiri (1.13.3)
      mini_portile2 (~> 2.8.0)
      racc (~> 1.4)
    racc (1.6.0)
    rake (13.0.6)

PLATFORMS
  ruby

DEPENDENCIES
  bundler
  elibri_thema!
  minitest (~> 5.0)
  nokogiri
  rake (~> 13.0)

BUNDLED WITH
   2.1.4
