PATH
  remote: .
  specs:
    elibri_thema (0.1.0)
      nokogiri

GEM
  remote: https://rubygems.org/
  specs:
    mini_portile2 (2.4.0)
    minitest (5.11.3)
    nokogiri (1.10.4)
      mini_portile2 (~> 2.4.0)
    rake (10.5.0)

PLATFORMS
  ruby

DEPENDENCIES
  bundler (~> 1.16)
  elibri_thema!
  minitest (~> 5.0)
  nokogiri
  rake (~> 10.0)

BUNDLED WITH
   1.16.4
